GEM
  remote: https://rubygems.org/
  specs:
    alsa-rawmidi (0.4.0)
      ffi (~> 1.15, >= 1.15.5)
    byebug (11.1.3)
    curses (1.4.4)
    ffi (1.15.5)
    ffi-coremidi (0.5.1)
      ffi (~> 1.15, >= 1.15.5)
    midi-eye (0.3.10)
      midi-message (~> 0.4, >= 0.4.4)
      midi-nibbler (~> 0.2, >= 0.2.2)
      unimidi (~> 0.4, >= 0.4.6)
    midi-jruby (0.2.0)
    midi-message (0.4.9)
    midi-nibbler (0.2.4)
      midi-message (~> 0.4, >= 0.4.4)
    midi-winmm (0.1.10)
      ffi (>= 1.0)
    multi_json (1.15.0)
    mustermann (1.1.1)
      ruby2_keywords (~> 0.0.1)
    rack (2.2.3.1)
    rack-protection (2.2.0)
      rack
    ruby2_keywords (0.0.5)
    sinatra (2.2.0)
      mustermann (~> 1.0)
      rack (~> 2.2)
      rack-protection (= 2.2.0)
      tilt (~> 2.0)
    sinatra-contrib (2.2.0)
      multi_json
      mustermann (~> 1.0)
      rack-protection (= 2.2.0)
      sinatra (= 2.2.0)
      tilt (~> 2.0)
    tilt (2.0.10)
    unimidi (0.5.1)
      alsa-rawmidi (~> 0.4, >= 0.4.0)
      ffi-coremidi (~> 0.5, >= 0.5.1)
      midi-jruby (~> 0.2, >= 0.2.0)
      midi-winmm (~> 0.1, >= 0.1.10)

PLATFORMS
  x86_64-darwin-18

DEPENDENCIES
  alsa-rawmidi
  byebug
  curses
  midi-eye
  midi-jruby
  midi-winmm
  sinatra
  sinatra-contrib
  unimidi

BUNDLED WITH
   2.3.11
