GIT
  remote: https://github.com/halfbyte/portmidi.git
  revision: c0826ea932ecb428ec5f44319904d9e1f49b01a5
  specs:
    portmidi (1.0.0.pre.beta.1)
      ffi (~> 1.9)

GEM
  remote: https://rubygems.org/
  specs:
    base64 (0.2.0)
    byebug (11.1.3)
    curses (1.4.4)
    ffi (1.16.3)
    multi_json (1.15.0)
    mustermann (3.0.0)
      ruby2_keywords (~> 0.0.1)
    rack (3.0.8)
    rack-protection (4.0.0)
      base64 (>= 0.1.0)
      rack (>= 3.0.0, < 4)
    rack-session (2.0.0)
      rack (>= 3.0.0)
    ruby2_keywords (0.0.5)
    sinatra (4.0.0)
      mustermann (~> 3.0)
      rack (>= 3.0.0, < 4)
      rack-protection (= 4.0.0)
      rack-session (>= 2.0.0, < 3)
      tilt (~> 2.0)
    sinatra-contrib (4.0.0)
      multi_json (>= 0.0.2)
      mustermann (~> 3.0)
      rack-protection (= 4.0.0)
      sinatra (= 4.0.0)
      tilt (~> 2.0)
    tilt (2.3.0)

PLATFORMS
  arm64-darwin-23
  ruby

DEPENDENCIES
  byebug
  curses
  ffi
  portmidi!
  sinatra
  sinatra-contrib

BUNDLED WITH
   2.5.5
